GEM
  remote: https://rubygems.org/
  specs:
    builder (3.2.2)
    execjs (2.7.0)
    sitemap_generator (5.1.0)
      builder
    uglifier (3.0.0)
      execjs (>= 0.3.0, < 3)

PLATFORMS
  ruby

DEPENDENCIES
  sitemap_generator
  uglifier

BUNDLED WITH
   1.12.5
